GEM
  remote: http://rubygems.org/
  specs:
    activemodel (3.2.3)
      activesupport (= 3.2.3)
      builder (~> 3.0.0)
    activerecord (3.2.3)
      activemodel (= 3.2.3)
      activesupport (= 3.2.3)
      arel (~> 3.0.2)
      tzinfo (~> 0.3.29)
    activerecord-jdbc-adapter (1.2.9.1)
    activerecord-jdbcsqlite3-adapter (1.2.9)
      activerecord-jdbc-adapter (~> 1.2.9)
      jdbc-sqlite3 (~> 3.7.2)
    activesupport (3.2.3)
      i18n (~> 0.6)
      multi_json (~> 1.0)
    arel (3.0.2)
    autotest-growl (0.2.16)
    builder (3.0.0)
    i18n (0.6.0)
    jdbc-sqlite3 (3.7.2.1)
    minitest (2.12.1)
    multi_json (1.3.4)
    rake (10.1.1)
    sqlite3 (1.3.9)
    tzinfo (0.3.33)

PLATFORMS
  java
  ruby

DEPENDENCIES
  activerecord (~> 3.2)
  activerecord-jdbcsqlite3-adapter
  activesupport (~> 3.2)
  autotest-growl
  minitest
  rake (= 10.1.1)
  sqlite3 (= 1.3.9)
