GEM
  remote: http://rubygems.org/
  specs:
    ZenTest (4.9.0)
    activemodel (4.0.0.beta1)
      activesupport (= 4.0.0.beta1)
      builder (~> 3.1.0)
    activerecord (4.0.0.beta1)
      activemodel (= 4.0.0.beta1)
      activerecord-deprecated_finders (~> 0.0.3)
      activesupport (= 4.0.0.beta1)
      arel (~> 4.0.0.beta1)
    activerecord-deprecated_finders (0.0.3)
    activesupport (4.0.0.beta1)
      i18n (~> 0.6.2)
      minitest (~> 4.2)
      multi_json (~> 1.3)
      thread_safe (~> 0.1)
      tzinfo (~> 0.3.33)
    arel (4.0.0.beta1)
    atomic (1.0.1)
    autotest-growl (0.2.16)
    builder (3.1.4)
    i18n (0.6.2)
    minitest (4.6.1)
    multi_json (1.6.1)
    rake (10.0.3)
    sqlite3 (1.3.7)
    thread_safe (0.1.0)
      atomic
    tzinfo (0.3.35)

PLATFORMS
  ruby

DEPENDENCIES
  ZenTest
  activerecord (~> 4.0.0.beta1)
  activerecord-jdbcsqlite3-adapter
  activesupport (~> 4.0.0.beta1)
  autotest-growl
  minitest
  rake
  sqlite3
