GEM
  remote: http://rubygems.org/
  specs:
    activerecord (3.2.14)
    activerecord-jdbc-adapter (1.2.9.1)
    activerecord-jdbcsqlite3-adapter (1.2.9)
      activerecord-jdbc-adapter (~> 1.2.9)
      jdbc-sqlite3 (~> 3.7.2)
    activesupport (3.2.3)
      i18n (~> 0.6)
      multi_json (~> 1.0)
    autotest-growl (0.2.16)
    concurrent-ruby (1.1.5)
    i18n (0.9.5)
      concurrent-ruby (~> 1.0)
    jdbc-sqlite3 (3.7.2.1)
    minitest (2.12.1)
    multi_json (1.14.0)
    rake (0.9.2.2)
    sqlite3 (1.3.6)

PLATFORMS
  java
  ruby

DEPENDENCIES
  activerecord (~> 3.2)
  activerecord-jdbcsqlite3-adapter
  activesupport (~> 3.2)
  autotest-growl
  minitest
  rake
  sqlite3
