PATH
  remote: .
  specs:
    rails3_acts_as_paranoid (0.0.4)
      activerecord (>= 3.0)

GEM
  remote: http://rubygems.org/
  specs:
    activemodel (3.0.0)
      activesupport (= 3.0.0)
      builder (~> 2.1.2)
      i18n (~> 0.4.1)
    activerecord (3.0.0)
      activemodel (= 3.0.0)
      activesupport (= 3.0.0)
      arel (~> 1.0.0)
      tzinfo (~> 0.3.23)
    activesupport (3.0.0)
    arel (1.0.1)
      activesupport (~> 3.0.0)
    builder (2.1.2)
    i18n (0.4.2)
    rake (0.8.7)
    sqlite3-ruby (1.3.2)
    tzinfo (0.3.25)

PLATFORMS
  ruby

DEPENDENCIES
  activesupport
  rails3_acts_as_paranoid!
  rake
  sqlite3-ruby
